GEM
  remote: https://rubygems.org/
  specs:
    sass (3.4.15)

PLATFORMS
  x64-mingw32

DEPENDENCIES
  sass (= 3.4.15)

BUNDLED WITH
   1.10.6
